GEM
  remote: https://rubygems.org/
  specs:
    fastly (1.11.0)
    httparty (0.13.7)
      json (~> 1.8)
      multi_xml (>= 0.5.2)
    json (1.8.6)
    multi_xml (0.6.0)
    tty-spinner (0.4.1)

PLATFORMS
  ruby

DEPENDENCIES
  fastly (~> 1.2, >= 1.2.1)
  httparty (~> 0.13.7)
  tty-spinner

RUBY VERSION
   ruby 2.4.1p111

BUNDLED WITH
   1.15.2
